GEM
  remote: https://rubygems.org/
  specs:
    connection_pool (2.4.0)
    rack (2.2.6.4)
    redis (5.0.6)
      redis-client (>= 0.9.0)
    redis-client (0.14.1)
      connection_pool
    sidekiq (6.5.5)
      connection_pool (>= 2.2.2)
      rack (~> 2.0)
      redis (>= 4.5.0)

PLATFORMS
  x86_64-darwin-20
  x86_64-linux

DEPENDENCIES
  redis
  sidekiq (~> 6.0)

BUNDLED WITH
   2.3.6
